GIT
  remote: git://github.com/christopheraue/msgpack-ruby.git
  revision: 88826f11c7026b9cc3a146ecb959c8cf107ae978
  specs:
    msgpack (1.0.0)

GIT
  remote: git://github.com/christopheraue/ruby-world_object.git
  revision: 10d0a45d4d08897ee58dabb15a725a7934cf7887
  specs:
    world_object (0.9)
      msgpack (~> 1.0)

PATH
  remote: .
  specs:
    mruby_sandbox (0.9)
      world_object (~> 0.9)

GEM
  remote: https://rubygems.org/
  specs:
    diff-lcs (1.2.5)
    rspec (3.5.0)
      rspec-core (~> 3.5.0)
      rspec-expectations (~> 3.5.0)
      rspec-mocks (~> 3.5.0)
    rspec-core (3.5.3)
      rspec-support (~> 3.5.0)
    rspec-expectations (3.5.0)
      diff-lcs (>= 1.2.0, < 2.0)
      rspec-support (~> 3.5.0)
    rspec-its (1.2.0)
      rspec-core (>= 3.0.0)
      rspec-expectations (>= 3.0.0)
    rspec-mocks (3.5.0)
      diff-lcs (>= 1.2.0, < 2.0)
      rspec-support (~> 3.5.0)
    rspec-mocks-matchers-send_message (0.3.1)
      rspec (~> 3.0)
      rspec-mocks (~> 3.0)
    rspec-support (3.5.0)

PLATFORMS
  ruby

DEPENDENCIES
  bundler (~> 1.8)
  mruby_sandbox!
  msgpack!
  rspec (~> 3.4)
  rspec-its
  rspec-mocks-matchers-send_message (~> 0.2)
  world_object!

BUNDLED WITH
   1.12.0
