PATH
  remote: .
  specs:
    mruby_sandbox (0.5.2)
      pipe_rpc (~> 2.0.0)

GEM
  remote: https://rubygems.org/
  specs:
    diff-lcs (1.2.5)
    msgpack (1.0.0)
    pipe_rpc (2.0.0)
      msgpack (~> 1.0)
    rspec (3.5.0)
      rspec-core (~> 3.5.0)
      rspec-expectations (~> 3.5.0)
      rspec-mocks (~> 3.5.0)
    rspec-core (3.5.1)
      rspec-support (~> 3.5.0)
    rspec-expectations (3.5.0)
      diff-lcs (>= 1.2.0, < 2.0)
      rspec-support (~> 3.5.0)
    rspec-its (1.2.0)
      rspec-core (>= 3.0.0)
      rspec-expectations (>= 3.0.0)
    rspec-mocks (3.5.0)
      diff-lcs (>= 1.2.0, < 2.0)
      rspec-support (~> 3.5.0)
    rspec-mocks-matchers-send_message (0.3.1)
      rspec (~> 3.0)
      rspec-mocks (~> 3.0)
    rspec-support (3.5.0)

PLATFORMS
  ruby

DEPENDENCIES
  bundler (~> 1.8)
  mruby_sandbox!
  rspec (~> 3.4)
  rspec-its
  rspec-mocks-matchers-send_message (~> 0.2)

BUNDLED WITH
   1.12.0
