PATH
  remote: .
  specs:
    mruby_sandbox (0.3.3)
      pipe_rpc (~> 0.2)

GEM
  remote: https://rubygems.org/
  specs:
    diff-lcs (1.2.5)
    json (1.8.3)
    pipe_rpc (0.2.2)
      json
    rspec (3.4.0)
      rspec-core (~> 3.4.0)
      rspec-expectations (~> 3.4.0)
      rspec-mocks (~> 3.4.0)
    rspec-core (3.4.4)
      rspec-support (~> 3.4.0)
    rspec-expectations (3.4.0)
      diff-lcs (>= 1.2.0, < 2.0)
      rspec-support (~> 3.4.0)
    rspec-its (1.2.0)
      rspec-core (>= 3.0.0)
      rspec-expectations (>= 3.0.0)
    rspec-mocks (3.4.1)
      diff-lcs (>= 1.2.0, < 2.0)
      rspec-support (~> 3.4.0)
    rspec-mocks-matchers-send_message (0.3.1)
      rspec (~> 3.0)
      rspec-mocks (~> 3.0)
    rspec-support (3.4.1)

PLATFORMS
  ruby

DEPENDENCIES
  bundler (~> 1.8)
  mruby_sandbox!
  rspec (~> 3.4)
  rspec-its
  rspec-mocks-matchers-send_message (~> 0.2)

BUNDLED WITH
   1.11.2
