PATH
  remote: ../m-ruby-callbacks_attachable
  specs:
    callbacks_attachable (1.2.0)

PATH
  remote: ../m-ruby-io_event_loop
  specs:
    io_event_loop (1.0)
      fibered_event_loop (~> 1.3)
      hitimes (~> 1.2)

PATH
  remote: ../m-ruby-world_object
  specs:
    world_object (0.9)
      io_event_loop (~> 1.0)
      msgpack (~> 1.0)

PATH
  remote: .
  specs:
    mruby_sandbox (0.9)
      world_object (~> 0.9)

GEM
  remote: https://rubygems.org/
  specs:
    diff-lcs (1.2.5)
    fibered_event_loop (1.3.0)
      callbacks_attachable (~> 1.1)
    hitimes (1.2.4)
    msgpack (1.0.2)
    rspec (3.5.0)
      rspec-core (~> 3.5.0)
      rspec-expectations (~> 3.5.0)
      rspec-mocks (~> 3.5.0)
    rspec-core (3.5.4)
      rspec-support (~> 3.5.0)
    rspec-expectations (3.5.0)
      diff-lcs (>= 1.2.0, < 2.0)
      rspec-support (~> 3.5.0)
    rspec-its (1.2.0)
      rspec-core (>= 3.0.0)
      rspec-expectations (>= 3.0.0)
    rspec-mocks (3.5.0)
      diff-lcs (>= 1.2.0, < 2.0)
      rspec-support (~> 3.5.0)
    rspec-mocks-matchers-send_message (0.3.1)
      rspec (~> 3.0)
      rspec-mocks (~> 3.0)
    rspec-support (3.5.0)

PLATFORMS
  ruby

DEPENDENCIES
  bundler (~> 1.8)
  callbacks_attachable!
  io_event_loop!
  mruby_sandbox!
  rspec (~> 3.4)
  rspec-its
  rspec-mocks-matchers-send_message (~> 0.2)
  world_object!

BUNDLED WITH
   1.12.0
